GEM
  remote: https://rubygems.org/
  specs:
    approvals (0.0.26)
      json (~> 2.0)
      nokogiri (~> 1.8)
      thor (~> 1.0)
    diff-lcs (1.1.3)
    json (2.6.2)
    nokogiri (1.13.8-arm64-darwin)
      racc (~> 1.4)
    racc (1.6.0)
    rake (13.0.6)
    rspec (2.11.0)
      rspec-core (~> 2.11.0)
      rspec-expectations (~> 2.11.0)
      rspec-mocks (~> 2.11.0)
    rspec-core (2.11.1)
    rspec-expectations (2.11.3)
      diff-lcs (~> 1.1.3)
    rspec-mocks (2.11.3)
    thor (1.2.1)

PLATFORMS
  arm64-darwin-21

DEPENDENCIES
  approvals (~> 0.0.26)
  rake
  rspec

BUNDLED WITH
   2.3.20
